GEM
  remote: https://rubygems.org/
  specs:
    capitalize-names (1.2.0)
    colorize (1.1.0)

PLATFORMS
  arm64-darwin-22
  ruby

DEPENDENCIES
  capitalize-names (~> 1.2)
  colorize (~> 1.1)

BUNDLED WITH
   2.5.5
